GEM
  remote: https://rubygems.org/
  specs:
    activesupport (4.2.4)
      i18n (~> 0.7)
      json (~> 1.7, >= 1.7.7)
      minitest (~> 5.1)
      thread_safe (~> 0.3, >= 0.3.4)
      tzinfo (~> 1.1)
    addressable (2.3.8)
    api_cache (0.3.0)
    claide (0.8.2)
    contentful-importer (0.2.1)
      activesupport (~> 4.1)
      api_cache (~> 0.3.0)
      claide (~> 0.8.1)
      contentful-management (~> 0.7.0)
      http (~> 0.9)
      i18n (~> 0.6)
      json-schema (~> 2.5.0)
      multi_json (~> 1)
    contentful-management (0.7.1)
      http (~> 0.8)
      multi_json (~> 1)
    database-exporter (0.0.2)
      activesupport (~> 4.1)
      escort (~> 0.4.0)
      http (~> 0.6)
      i18n (~> 0.6)
      multi_json (~> 1)
      mysql2 (~> 0.3)
      pg (~> 0.17.0)
      sequel (~> 4.15)
      sqlite3 (~> 1.3.10)
    domain_name (0.5.24)
      unf (>= 0.0.5, < 1.0.0)
    escort (0.4.0)
      nesty
    http (0.9.6)
      addressable (~> 2.3)
      http-cookie (~> 1.0)
      http-form_data (~> 1.0.1)
      http_parser.rb (~> 0.6.0)
    http-cookie (1.0.2)
      domain_name (~> 0.5)
    http-form_data (1.0.1)
    http_parser.rb (0.6.0)
    i18n (0.7.0)
    json (1.8.3)
    json-schema (2.5.1)
      addressable (~> 2.3.7)
    mini_portile (0.6.2)
    minitest (5.8.0)
    multi_json (1.11.2)
    mysql2 (0.4.1)
    nesty (1.0.2)
    nokogiri (1.6.6.2)
      mini_portile (~> 0.6.0)
    pg (0.17.1)
    reverse_markdown (0.8.2)
      nokogiri
    sequel (4.26.0)
    sqlite3 (1.3.10)
    thread_safe (0.3.5)
    tzinfo (1.2.2)
      thread_safe (~> 0.1)
    unf (0.1.4)
      unf_ext
    unf_ext (0.0.7.1)

PLATFORMS
  ruby

DEPENDENCIES
  contentful-importer
  database-exporter
  reverse_markdown
